GEM
  remote: https://rubygems.org/
  specs:
    actionmailer (3.2.9)
      actionpack (= 3.2.9)
      mail (~> 2.4.4)
    actionpack (3.2.9)
      activemodel (= 3.2.9)
      activesupport (= 3.2.9)
      builder (~> 3.0.0)
      erubis (~> 2.7.0)
      journey (~> 1.0.4)
      rack (~> 1.4.0)
      rack-cache (~> 1.2)
      rack-test (~> 0.6.1)
      sprockets (~> 2.2.1)
    activemodel (3.2.9)
      activesupport (= 3.2.9)
      builder (~> 3.0.0)
    activerecord (3.2.9)
      activemodel (= 3.2.9)
      activesupport (= 3.2.9)
      arel (~> 3.0.2)
      tzinfo (~> 0.3.29)
    activerecord-jdbc-adapter (1.2.2.1)
    activerecord-jdbcsqlite3-adapter (1.2.2.1)
      activerecord-jdbc-adapter (~> 1.2.2.1)
      jdbc-sqlite3 (~> 3.7.2)
    activeresource (3.2.9)
      activemodel (= 3.2.9)
      activesupport (= 3.2.9)
    activesupport (3.2.9)
      i18n (~> 0.6)
      multi_json (~> 1.0)
    arel (3.0.2)
    blankslate (2.1.2.4)
    bouncy-castle-java (1.5.0146.1)
    builder (3.0.4)
    coffee-rails (3.2.2)
      coffee-script (>= 2.2.0)
      railties (~> 3.2.0)
    coffee-script (2.2.0)
      coffee-script-source
      execjs
    coffee-script-source (1.4.0)
    edn (1.0.0)
      parslet (~> 1.4.0)
    erubis (2.7.0)
    execjs (1.4.0)
      multi_json (~> 1.0)
    hike (1.2.1)
    i18n (0.6.1)
    jdbc-sqlite3 (3.7.2)
    journey (1.0.4)
    jquery-rails (2.1.4)
      railties (>= 3.0, < 5.0)
      thor (>= 0.14, < 2.0)
    jruby-openssl (0.8.2)
      bouncy-castle-java (>= 1.5.0146.1)
    json (1.7.5)
    json (1.7.5-java)
    mail (2.4.4)
      i18n (>= 0.4.0)
      mime-types (~> 1.16)
      treetop (~> 1.4.8)
    mime-types (1.19)
    multi_json (1.5.0)
    nokogiri (1.5.5-java)
    parslet (1.4.0)
      blankslate (~> 2.0)
    polyglot (0.3.3)
    rack (1.4.1)
    rack-cache (1.2)
      rack (>= 0.4)
    rack-ssl (1.3.2)
      rack
    rack-test (0.6.2)
      rack (>= 1.0)
    rails (3.2.9)
      actionmailer (= 3.2.9)
      actionpack (= 3.2.9)
      activerecord (= 3.2.9)
      activeresource (= 3.2.9)
      activesupport (= 3.2.9)
      bundler (~> 1.0)
      railties (= 3.2.9)
    railties (3.2.9)
      actionpack (= 3.2.9)
      activesupport (= 3.2.9)
      rack-ssl (~> 1.3.2)
      rake (>= 0.8.7)
      rdoc (~> 3.4)
      thor (>= 0.14.6, < 2.0)
    rake (10.0.2)
    rdoc (3.12)
      json (~> 1.4)
    rest-client (1.6.7)
      mime-types (>= 1.16)
    sass (3.2.3)
    sass-rails (3.2.5)
      railties (~> 3.2.0)
      sass (>= 3.1.10)
      tilt (~> 1.3)
    sprockets (2.2.2)
      hike (~> 1.2)
      multi_json (~> 1.0)
      rack (~> 1.0)
      tilt (~> 1.1, != 1.3.0)
    therubyrhino (2.0.2)
      therubyrhino_jar (>= 1.7.3)
    therubyrhino_jar (1.7.4)
    thor (0.16.0)
    tilt (1.3.3)
    torquebox (2.2.0)
      thor (>= 0.14.6)
      torquebox-cache (= 2.2.0)
      torquebox-configure (= 2.2.0)
      torquebox-core (= 2.2.0)
      torquebox-messaging (= 2.2.0)
      torquebox-naming (= 2.2.0)
      torquebox-rake-support (= 2.2.0)
      torquebox-security (= 2.2.0)
      torquebox-stomp (= 2.2.0)
      torquebox-transactions (= 2.2.0)
      torquebox-web (= 2.2.0)
    torquebox-cache (2.2.0-java)
      torquebox-core (= 2.2.0)
      torquebox-transactions (= 2.2.0)
    torquebox-configure (2.2.0-java)
      blankslate (= 2.1.2.4)
    torquebox-core (2.2.0-java)
    torquebox-messaging (2.2.0-java)
      edn (= 1.0.0)
      torquebox-core (= 2.2.0)
      torquebox-transactions (= 2.2.0)
    torquebox-naming (2.2.0-java)
    torquebox-rake-support (2.2.0)
      rake (>= 0.8.7)
    torquebox-security (2.2.0-java)
      torquebox-core (= 2.2.0)
    torquebox-stomp (2.2.0)
      torquebox-core (= 2.2.0)
      torquebox-messaging (= 2.2.0)
    torquebox-transactions (2.2.0)
      torquebox-core (= 2.2.0)
    torquebox-web (2.2.0-java)
    treetop (1.4.12)
      polyglot
      polyglot (>= 0.3.1)
    twitter-text (1.5.0)
      activesupport
    twitter4j4r (0.1.1-java)
    tzinfo (0.3.35)
    uglifier (1.3.0)
      execjs (>= 0.3.0)
      multi_json (~> 1.0, >= 1.0.2)

PLATFORMS
  java

DEPENDENCIES
  activerecord-jdbcsqlite3-adapter
  coffee-rails (~> 3.2.1)
  jquery-rails
  jruby-openssl
  nokogiri (= 1.5.5)
  rails (= 3.2.9)
  rest-client (= 1.6.7)
  sass-rails (~> 3.2.3)
  therubyrhino
  torquebox (= 2.2.0)
  torquebox-messaging (= 2.2.0)
  twitter-text (= 1.5.0)
  twitter4j4r (= 0.1.1)
  uglifier (>= 1.0.3)
